GEM
  remote: https://rubygems.org/
  specs:
    audite (0.3.0)
    json (1.8.1)
    soundcloud2000 (0.1.0)
      audite
      json

PLATFORMS
  ruby

DEPENDENCIES
  soundcloud2000
