GEM
  remote: https://rubygems.org/
  specs:
    audite (0.4.0)
    json (1.8.2)
    soundcloud2000 (0.1.0)
      audite
      json

PLATFORMS
  ruby

DEPENDENCIES
  soundcloud2000
